GEM
  remote: https://rubygems.org/
  specs:
    backports (3.15.0)
    multi_json (1.14.1)
    mustermann (1.0.3)
    nio4r (2.5.2)
    power_assert (1.1.5)
    puma (4.2.1)
      nio4r (~> 2.0)
    rack (2.0.7)
    rack-protection (2.0.7)
      rack
    rack-test (1.1.0)
      rack (>= 1.0, < 3)
    rake (13.0.0)
    sinatra (2.0.7)
      mustermann (~> 1.0)
      rack (~> 2.0)
      rack-protection (= 2.0.7)
      tilt (~> 2.0)
    sinatra-contrib (2.0.7)
      backports (>= 2.8.2)
      multi_json
      mustermann (~> 1.0)
      rack-protection (= 2.0.7)
      sinatra (= 2.0.7)
      tilt (~> 2.0)
    sinatra-jsonp (0.5.0)
      multi_json (~> 1.8)
      sinatra (>= 1.0)
    test-unit (3.3.4)
      power_assert
    tilt (2.0.10)

PLATFORMS
  x64-mingw32

DEPENDENCIES
  puma
  rack-test
  rake
  sinatra
  sinatra-contrib
  sinatra-jsonp
  test-unit

RUBY VERSION
   ruby 2.6.5p114

BUNDLED WITH
   2.0.2
