GEM
  remote: https://rubygems.org/
  specs:
    backports (3.16.1)
    multi_json (1.14.1)
    mustermann (1.1.1)
      ruby2_keywords (~> 0.0.1)
    nio4r (2.5.2)
    power_assert (1.1.6)
    puma (4.3.3)
      nio4r (~> 2.0)
    rack (2.2.2)
    rack-protection (2.0.8.1)
      rack
    rack-test (1.1.0)
      rack (>= 1.0, < 3)
    rake (13.0.1)
    ruby2_keywords (0.0.2)
    sinatra (2.0.8.1)
      mustermann (~> 1.0)
      rack (~> 2.0)
      rack-protection (= 2.0.8.1)
      tilt (~> 2.0)
    sinatra-contrib (2.0.8.1)
      backports (>= 2.8.2)
      multi_json
      mustermann (~> 1.0)
      rack-protection (= 2.0.8.1)
      sinatra (= 2.0.8.1)
      tilt (~> 2.0)
    sinatra-jsonp (0.5.0)
      multi_json (~> 1.8)
      sinatra (>= 1.0)
    test-unit (3.3.5)
      power_assert
    tilt (2.0.10)



DEPENDENCIES
  puma (~> 4.3)
  rack-test (~> 1.1)
  rake (~> 13.0)
  sinatra (~> 2.0)
  sinatra-contrib (~> 2.0)
  sinatra-jsonp (~> 0.5.0)
  test-unit (~> 3.3)

RUBY VERSION
   ruby 2.6.5p114

BUNDLED WITH
   2.0.2
